GIT
  remote: git://github.com/aratak/private_pub.git
  revision: 40380696bd7475e69097bd36543916acdc524f8d
  specs:
    private_pub (1.0.3)
      faye

GEM
  remote: https://rubygems.org/
  specs:
    actionmailer (4.0.1)
      actionpack (= 4.0.1)
      mail (~> 2.5.4)
    actionpack (4.0.1)
      activesupport (= 4.0.1)
      builder (~> 3.1.0)
      erubis (~> 2.7.0)
      rack (~> 1.5.2)
      rack-test (~> 0.6.2)
    activemodel (4.0.1)
      activesupport (= 4.0.1)
      builder (~> 3.1.0)
    activerecord (4.0.1)
      activemodel (= 4.0.1)
      activerecord-deprecated_finders (~> 1.0.2)
      activesupport (= 4.0.1)
      arel (~> 4.0.0)
    activerecord-deprecated_finders (1.0.4)
    activesupport (4.0.1)
      i18n (~> 0.6, >= 0.6.4)
      minitest (~> 4.2)
      multi_json (~> 1.3)
      thread_safe (~> 0.1)
      tzinfo (~> 0.3.37)
    addressable (2.3.8)
    arel (4.0.2)
    autoparse (0.3.3)
      addressable (>= 2.3.1)
      extlib (>= 0.9.15)
      multi_json (>= 1.0.0)
    bootstrap-sass (3.1.0.2)
      sass (~> 3.2)
    bootstrap-sass-rails (3.1.0.0)
      bootstrap-sass (~> 3.1.0.0)
      railties (>= 3.2.0)
      sass-rails (>= 3.2.0)
    builder (3.1.4)
    coderay (1.1.0)
    coffee-rails (4.1.0)
      coffee-script (>= 2.2.0)
      railties (>= 4.0.0, < 5.0)
    coffee-script (2.4.1)
      coffee-script-source
      execjs
    coffee-script-source (1.9.1)
    cookiejar (0.3.2)
    d3-rails (3.5.5)
      railties (>= 3.1)
    em-http-request (1.1.2)
      addressable (>= 2.3.4)
      cookiejar
      em-socksify (>= 0.3)
      eventmachine (>= 1.0.3)
      http_parser.rb (>= 0.6.0)
    em-socksify (0.3.0)
      eventmachine (>= 1.0.0.beta.4)
    erubis (2.7.0)
    eventmachine (1.0.7)
    execjs (2.5.0)
    extlib (0.9.16)
    faraday (0.9.1)
      multipart-post (>= 1.2, < 3)
    faye (1.1.1)
      cookiejar (>= 0.3.0)
      em-http-request (>= 0.3.0)
      eventmachine (>= 0.12.0)
      faye-websocket (>= 0.9.1)
      multi_json (>= 1.0.0)
      rack (>= 1.0.0)
      websocket-driver (>= 0.5.1)
    faye-websocket (0.9.2)
      eventmachine (>= 0.12.0)
      websocket-driver (>= 0.5.1)
    google-api-client (0.8.5)
      activesupport (>= 3.2)
      addressable (~> 2.3)
      autoparse (~> 0.3)
      extlib (~> 0.9)
      faraday (~> 0.9)
      googleauth (~> 0.3)
      launchy (~> 2.4)
      multi_json (~> 1.10)
      retriable (~> 1.4)
      signet (~> 0.6)
    googleauth (0.4.0)
      faraday (~> 0.9)
      jwt (~> 1.4)
      logging (~> 1.8)
      memoist (~> 0.11)
      multi_json (= 1.11)
      signet (~> 0.6)
    hike (1.2.3)
    http_parser.rb (0.6.0)
    httpclient (2.6.0.1)
    i18n (0.7.0)
    jbuilder (1.5.3)
      activesupport (>= 3.0.0)
      multi_json (>= 1.2.0)
    jquery-rails (3.1.2)
      railties (>= 3.0, < 5.0)
      thor (>= 0.14, < 2.0)
    jquery-turbolinks (2.1.0)
      railties (>= 3.1.0)
      turbolinks
    jquery-ui-rails (5.0.3)
      railties (>= 3.2.16)
    jquery_context_menu-rails (0.0.4)
      jquery-rails
    js-routes (1.0.1)
      railties (>= 3.2)
      sprockets-rails
    json (1.8.2)
    jwt (1.4.1)
    kgio (2.9.3)
    launchy (2.4.3)
      addressable (~> 2.3)
    little-plugger (1.1.3)
    logging (1.8.2)
      little-plugger (>= 1.1.3)
      multi_json (>= 1.8.4)
    mail (2.5.4)
      mime-types (~> 1.16)
      treetop (~> 1.4.8)
    memoist (0.11.0)
    method_source (0.8.2)
    mime-types (1.25.1)
    minitest (4.7.5)
    multi_json (1.11.0)
    multipart-post (2.0.0)
    oauth (0.4.7)
    pg (0.17.1)
    polyglot (0.3.5)
    pry (0.10.1)
      coderay (~> 1.1.0)
      method_source (~> 0.8.1)
      slop (~> 3.4)
    pry-nav (0.2.4)
      pry (>= 0.9.10, < 0.11.0)
    pry-rails (0.3.4)
      pry (>= 0.9.10)
    pusher (0.14.4)
      httpclient (~> 2.5)
      multi_json (~> 1.0)
      signature (~> 0.1.8)
    rack (1.5.5)
    rack-test (0.6.3)
      rack (>= 1.0)
    rails (4.0.1)
      actionmailer (= 4.0.1)
      actionpack (= 4.0.1)
      activerecord (= 4.0.1)
      activesupport (= 4.0.1)
      bundler (>= 1.3.0, < 2.0)
      railties (= 4.0.1)
      sprockets-rails (~> 2.0.0)
    rails_12factor (0.0.3)
      rails_serve_static_assets
      rails_stdout_logging
    rails_serve_static_assets (0.0.4)
    rails_stdout_logging (0.0.3)
    railties (4.0.1)
      actionpack (= 4.0.1)
      activesupport (= 4.0.1)
      rake (>= 0.8.7)
      thor (>= 0.18.1, < 2.0)
    raindrops (0.13.0)
    rake (10.4.2)
    rdoc (4.2.0)
      json (~> 1.4)
    retriable (1.4.1)
    sass (3.2.19)
    sass-rails (4.0.5)
      railties (>= 4.0.0, < 5.0)
      sass (~> 3.2.2)
      sprockets (~> 2.8, < 3.0)
      sprockets-rails (~> 2.0)
    sdoc (0.4.1)
      json (~> 1.7, >= 1.7.7)
      rdoc (~> 4.0)
    signature (0.1.8)
    signet (0.6.0)
      addressable (~> 2.3)
      extlib (~> 0.9)
      faraday (~> 0.9)
      jwt (~> 1.0)
      multi_json (~> 1.10)
    slop (3.6.0)
    sprockets (2.12.3)
      hike (~> 1.2)
      multi_json (~> 1.0)
      rack (~> 1.0)
      tilt (~> 1.1, != 1.3.0)
    sprockets-rails (2.0.1)
      actionpack (>= 3.0)
      activesupport (>= 3.0)
      sprockets (~> 2.8)
    thor (0.19.1)
    thread_safe (0.3.5)
    tilt (1.4.1)
    treetop (1.4.15)
      polyglot
      polyglot (>= 0.3.1)
    turbolinks (2.5.3)
      coffee-rails
    tzinfo (0.3.43)
    uglifier (2.7.1)
      execjs (>= 0.3.0)
      json (>= 1.8.0)
    unicorn (4.8.3)
      kgio (~> 2.6)
      rack
      raindrops (~> 0.7)
    websocket-driver (0.5.4)
      websocket-extensions (>= 0.1.0)
    websocket-extensions (0.1.2)

PLATFORMS
  ruby

DEPENDENCIES
  bootstrap-sass-rails
  d3-rails
  execjs (= 2.5.0)
  google-api-client
  jbuilder (~> 1.2)
  jquery-rails
  jquery-turbolinks
  jquery-ui-rails
  jquery_context_menu-rails
  js-routes
  launchy (>= 2.1.1)
  oauth
  pg (= 0.17.1)
  private_pub!
  pry-nav
  pry-rails
  pusher
  rails (= 4.0.1)
  rails_12factor
  sass-rails (~> 4.0.0)
  sdoc
  turbolinks
  uglifier (>= 1.3.0)
  unicorn

BUNDLED WITH
   1.10.1
